GEM
  remote: https://rubygems.org/
  specs:
    puma (3.12.0)
    rack (2.0.6)

PLATFORMS
  ruby

DEPENDENCIES
  puma
  rack

RUBY VERSION
   ruby 2.6.1p33

BUNDLED WITH
   1.17.2
